GEM
  remote: https://rubygems.org/
  specs:
    concurrent-ruby (1.0.5-java)
    dot-properties (0.1.3)
    hashie (3.5.7)
    httpclient (2.8.3)
    marc (1.0.2)
      scrub_rb (>= 1.0.1, < 2)
      unf
    marc-fastxmlwriter (1.0.0)
      marc (~> 1.0)
    marc-marc4j (1.0.0-java)
      marc (~> 1)
    scrub_rb (1.0.1)
    slop (3.6.0)
    traject (2.3.4-java)
      concurrent-ruby (>= 0.8.0)
      dot-properties (>= 0.1.1)
      hashie (~> 3.1)
      httpclient (~> 2.5)
      marc (~> 1.0)
      marc-fastxmlwriter (~> 1.0)
      slop (>= 3.4.5, < 4.0)
      traject-marc4j_reader (~> 1.0)
      yell
    traject-marc4j_reader (1.0.2-java)
      marc (~> 1.0)
      marc-marc4j (~> 1.0)
    unf (0.1.4-java)
    yell (2.0.7)

PLATFORMS
  java

DEPENDENCIES
  marc
  traject (= 2.3.4)
  traject-marc4j_reader

BUNDLED WITH
   1.16.3
