GIT
  remote: git://github.com/cbeer/solr_wrapper.git
  revision: 4c412aba182a33c28fddf77736f86d7c8c304102
  branch: master
  specs:
    solr_wrapper (2.0.0)
      faraday
      retriable
      ruby-progressbar
      rubyzip

GEM
  remote: https://rubygems.org/
  specs:
    addressable (2.5.2)
      public_suffix (>= 2.0.2, < 4.0)
    builder (3.2.3)
    byebug (10.0.2)
    columnize (0.9.0)
    concurrent-ruby (1.0.5)
    concurrent-ruby (1.0.5-java)
    domain_name (0.5.20180417)
      unf (>= 0.0.5, < 1.0.0)
    dot-properties (0.1.3)
    faraday (0.15.2)
      multipart-post (>= 1.2, < 3)
    hashie (3.6.0)
    http (3.3.0)
      addressable (~> 2.3)
      http-cookie (~> 1.0)
      http-form_data (~> 2.0)
      http_parser.rb (~> 0.6.0)
    http-cookie (1.0.3)
      domain_name (~> 0.5)
    http-form_data (2.1.1)
    http_parser.rb (0.6.0)
    http_parser.rb (0.6.0-java)
    httpclient (2.8.3)
    library_stdnums (1.6.0)
    linecache (1.3.1-java)
    marc (1.0.2)
      scrub_rb (>= 1.0.1, < 2)
      unf
    marc-fastxmlwriter (1.0.0)
      marc (~> 1.0)
    marc-marc4j (1.0.0-java)
      marc (~> 1)
    mini_portile2 (2.3.0)
    multipart-post (2.0.0)
    nokogiri (1.8.5)
      mini_portile2 (~> 2.3.0)
    nokogiri (1.8.5-java)
    public_suffix (3.0.3)
    rake (12.3.1)
    retriable (3.1.2)
    rsolr (2.2.1)
      builder (>= 2.1.2)
      faraday (>= 0.9.0)
    ruby-debug (0.10.6)
      columnize (>= 0.1)
      linecache (~> 1.3.1)
      ruby-debug-base (~> 0.10.6.0)
    ruby-debug-base (0.10.6-java)
    ruby-progressbar (1.10.0)
    rubyzip (1.2.2)
    scrub_rb (1.0.1)
    slop (3.6.0)
    traject (3.0.0)
      concurrent-ruby (>= 0.8.0)
      dot-properties (>= 0.1.1)
      hashie (~> 3.1)
      http (~> 3.0)
      httpclient (~> 2.5)
      marc (~> 1.0)
      marc-fastxmlwriter (~> 1.0)
      nokogiri (~> 1.0)
      slop (>= 3.4.5, < 4.0)
      yell
    traject-marc4j_reader (1.0.2-java)
      marc (~> 1.0)
      marc-marc4j (~> 1.0)
    unf (0.1.4)
      unf_ext
    unf (0.1.4-java)
    unf_ext (0.0.7.5)
    yell (2.0.7)

PLATFORMS
  java
  ruby

DEPENDENCIES
  byebug
  library_stdnums
  marc
  rake
  rsolr
  ruby-debug
  solr_wrapper!
  traject (= 3.0.0)
  traject-marc4j_reader

BUNDLED WITH
   1.16.5
